GEM
  remote: https://rubygems.org/
  specs:
    cz_faker (0.0.6)
    mustermann (1.0.3)
    puma (3.11.3)
    rack (2.0.4)
    rack-protection (2.0.5)
      rack
    sinatra (2.0.5)
      mustermann (~> 1.0)
      rack (~> 2.0)
      rack-protection (= 2.0.5)
      tilt (~> 2.0)
    tilt (2.0.8)

PLATFORMS
  ruby

DEPENDENCIES
  cz_faker
  puma
  sinatra

BUNDLED WITH
   2.0.2
